GEM
  specs:
    backports (3.7.0)
    bond (0.5.1)
    daru (0.1.5)
      backports
    data_uri (0.1.0)
    iruby (0.3)
      bond (~> 0.5)
      data_uri (~> 0.1)
      mimemagic (~> 0.3)
      multi_json (~> 1.11)
    mimemagic (0.3.0)
    multi_json (1.12.1)
    rbczmq (1.7.9)

PLATFORMS
  ruby

DEPENDENCIES
  daru
  iruby
  rbczmq

BUNDLED WITH
   1.13.6
